PATH
  remote: .
  specs:
    lambda_convert (0.0.1)
      aws-sdk (~> 2.6)

GEM
  remote: https://rubygems.org/
  specs:
    aws-sdk (2.7.0)
      aws-sdk-resources (= 2.7.0)
    aws-sdk-core (2.7.0)
      aws-sigv4 (~> 1.0)
      jmespath (~> 1.0)
    aws-sdk-resources (2.7.0)
      aws-sdk-core (= 2.7.0)
    aws-sigv4 (1.0.0)
    jmespath (1.3.1)

PLATFORMS
  ruby

DEPENDENCIES
  lambda_convert!

BUNDLED WITH
   1.13.6
