PATH
  remote: .
  specs:
    lambda_convert (0.0.6)
      aws-sdk (~> 2.6)

GEM
  remote: https://rubygems.org/
  specs:
    aws-sdk (2.10.116)
      aws-sdk-resources (= 2.10.116)
    aws-sdk-core (2.10.116)
      aws-sigv4 (~> 1.0)
      jmespath (~> 1.0)
    aws-sdk-resources (2.10.116)
      aws-sdk-core (= 2.10.116)
    aws-sigv4 (1.0.2)
    diff-lcs (1.2.5)
    jmespath (1.3.1)
    rspec (3.3.0)
      rspec-core (~> 3.3.0)
      rspec-expectations (~> 3.3.0)
      rspec-mocks (~> 3.3.0)
    rspec-core (3.3.2)
      rspec-support (~> 3.3.0)
    rspec-expectations (3.3.1)
      diff-lcs (>= 1.2.0, < 2.0)
      rspec-support (~> 3.3.0)
    rspec-mocks (3.3.2)
      diff-lcs (>= 1.2.0, < 2.0)
      rspec-support (~> 3.3.0)
    rspec-support (3.3.0)

PLATFORMS
  ruby

DEPENDENCIES
  lambda_convert!
  rspec

BUNDLED WITH
   1.15.4
